GEM
  remote: https://rubygems.org/
  specs:
    cairo (1.14.1-x86-mingw32)
      pkg-config (>= 1.1.5)
    gdk_pixbuf2 (2.2.5-x86-mingw32)
      glib2 (= 2.2.5)
    glib2 (2.2.5-x86-mingw32)
      cairo (>= 1.12.8)
      pkg-config
    mercenary (0.3.5)
    mini_portile (0.6.2)
    nokogiri (1.6.6.2-x86-mingw32)
      mini_portile (~> 0.6.0)
    pango (2.2.5-x86-mingw32)
      cairo (>= 1.14.0)
      glib2 (= 2.2.5)
    pkg-config (1.1.6)
    roo (1.13.2)
      nokogiri
      rubyzip
      spreadsheet (> 0.6.4)
    rsvg2 (2.2.5-x86-mingw32)
      cairo (>= 1.12.8)
      gdk_pixbuf2 (= 2.2.5)
    ruby-ole (1.2.11.8)
    ruby-progressbar (1.7.5)
    rubyzip (1.1.7)
    spreadsheet (1.0.3)
      ruby-ole (>= 1.0)
    squib (0.5.1)
      cairo (~> 1.14.0)
      mercenary (~> 0.3.4)
      pango (~> 2.2.0)
      roo (~> 1.13.2)
      rsvg2 (~> 2.2.0)
      ruby-progressbar (~> 1.6)

PLATFORMS
  x86-mingw32

DEPENDENCIES
  squib
